PATH
  remote: .
  specs:
    issue-bot (0.0.2)
      colored
      excon
      octokit (~> 4.0)
      pry
      rake
      rubocop

GEM
  remote: https://rubygems.org/
  specs:
    addressable (2.5.2)
      public_suffix (>= 2.0.2, < 4.0)
    ast (2.4.0)
    coderay (1.1.2)
    colored (1.2)
    excon (0.62.0)
    faraday (0.15.4)
      multipart-post (>= 1.2, < 3)
    jaro_winkler (1.5.1)
    method_source (0.9.2)
    multipart-post (2.0.0)
    octokit (4.13.0)
      sawyer (~> 0.8.0, >= 0.5.3)
    parallel (1.12.1)
    parser (2.5.3.0)
      ast (~> 2.4.0)
    powerpack (0.1.2)
    pry (0.12.2)
      coderay (~> 1.1.0)
      method_source (~> 0.9.0)
    public_suffix (3.0.3)
    rainbow (3.0.0)
    rake (12.3.2)
    rubocop (0.61.1)
      jaro_winkler (~> 1.5.1)
      parallel (~> 1.10)
      parser (>= 2.5, != 2.5.1.1)
      powerpack (~> 0.1)
      rainbow (>= 2.2.2, < 4.0)
      ruby-progressbar (~> 1.7)
      unicode-display_width (~> 1.4.0)
    ruby-progressbar (1.10.0)
    sawyer (0.8.1)
      addressable (>= 2.3.5, < 2.6)
      faraday (~> 0.8, < 1.0)
    unicode-display_width (1.4.0)

PLATFORMS
  ruby

DEPENDENCIES
  issue-bot!

BUNDLED WITH
   1.17.1
